{
    "TaskName": "catFR3",
    "Manufacturer": "Blackrock",
    "PowerLineFrequency": 60.0,
    "SamplingFrequency": 1000.0,
    "SoftwareFilters": "n/a",
    "RecordingDuration": 2870.621,
    "RecordingType": "continuous",
    "iEEGReference": "monopolar",
    "ECOGChannelCount": 0,
    "SEEGChannelCount": 78,
    "EEGChannelCount": 0,
    "EOGChannelCount": 0,
    "ECGChannelCount": 0,
    "EMGChannelCount": 0,
    "MiscChannelCount": 0,
    "TriggerChannelCount": 0,
    "TaskDescription": "categorized free recall with closed-loop stimulation at encoding",
    "HardwareFilters": "n/a",
    "ElectricalStimulation": true
}
